GIT
  remote: https://github.com/twocabbages/capistrano-scm-copy.git
  revision: d8c3917c09c678e580a9054109cecc5fbadd35da
  branch: master
  specs:
    capistrano-scm-copy (0.2.0)
      capistrano (~> 3.0)

GEM
  remote: https://ruby.taobao.org/
  specs:
    airbrussh (1.1.0)
      sshkit (>= 1.6.1, != 1.7.0)
    capistrano (3.5.0)
      airbrussh (>= 1.0.0)
      capistrano-harrow
      i18n
      rake (>= 10.0.0)
      sshkit (>= 1.9.0)
    capistrano-harrow (0.5.3)
    i18n (0.7.0)
    net-scp (1.2.1)
      net-ssh (>= 2.6.5)
    net-ssh (3.2.0)
    rake (11.2.2)
    sshkit (1.11.2)
      net-scp (>= 1.1.2)
      net-ssh (>= 2.8.0)

PLATFORMS
  ruby

DEPENDENCIES
  capistrano (~> 3.5.0)
  capistrano-scm-copy!
